GEM
  remote: http://rubygems.org/
  specs:
    actionmailer (2.3.4)
      actionpack (= 2.3.4)
    actionpack (2.3.4)
      activesupport (= 2.3.4)
      rack (~> 1.0.0)
    activerecord (2.3.4)
      activesupport (= 2.3.4)
    activeresource (2.3.4)
      activesupport (= 2.3.4)
    activesupport (2.3.4)
    cgi_multipart_eof_fix (2.5.0)
    configuration (1.3.1)
    daemons (1.1.8)
    diff-lcs (1.1.2)
    erubis (2.7.0)
    extlib (0.9.15)
    fastthread (1.0.7)
    gem_plugin (0.2.3)
    json_pure (1.6.6)
    launchy (0.3.3)
      configuration (>= 0.0.5)
      rake (>= 0.8.1)
    mechanize (0.9.3)
      nokogiri (>= 1.2.1)
    merb-core (1.0.15)
      erubis (>= 2.6.2)
      extlib (>= 0.9.8)
      json_pure
      mime-types
      rack
      rake
      rspec
      thor (~> 0.9.9)
    mime-types (1.18)
    mongrel (1.1.5)
      cgi_multipart_eof_fix (>= 2.4)
      daemons (>= 1.0.3)
      fastthread (>= 1.0.1)
      gem_plugin (>= 0.2.3)
    nokogiri (1.4.0)
    rack (1.0.1)
    rack-test (0.5.2)
      rack (>= 1.0)
    rails (2.3.4)
      actionmailer (= 2.3.4)
      actionpack (= 2.3.4)
      activerecord (= 2.3.4)
      activeresource (= 2.3.4)
      activesupport (= 2.3.4)
      rake (>= 0.8.3)
    rake (0.8.7)
    rspec (1.2.9)
    selenium-client (1.2.17)
    sinatra (0.9.4)
      rack (>= 0.9.1)
    thor (0.9.9)

PLATFORMS
  ruby

DEPENDENCIES
  diff-lcs (= 1.1.2)
  launchy (= 0.3.3)
  mechanize (= 0.9.3)
  merb-core (= 1.0.15)
  mongrel (= 1.1.5)
  nokogiri (= 1.4.0)
  rack (= 1.0.1)
  rack-test (= 0.5.2)
  rails (= 2.3.4)
  rake (= 0.8.7)
  rspec (= 1.2.9)
  selenium-client (= 1.2.17)
  sinatra (= 0.9.4)
